PATH
  remote: .
  specs:
    rmultimarkdown (4.7.1.1)
      bundler

GEM
  remote: https://rubygems.org/
  specs:
    json (1.8.1)
    power_assert (0.2.3)
    rake (10.1.1)
    rdoc (4.1.1)
      json (~> 1.4)
    test-unit (3.0.9)
      power_assert

PLATFORMS
  ruby

DEPENDENCIES
  rake
  rdoc
  rmultimarkdown!
  test-unit
